GEM
  remote: https://rubygems.org/
  specs:
    charyf (0.1.0)
      charyf_sig (~> 1.1.2)
      i18n (~> 0.9)
    charyf-adapt-processor (0.1.0)
      charyf (~> 0)
      pycall (~> 1.0.3)
    charyf_sig (1.1.2)
    coderay (1.1.2)
    concurrent-ruby (1.0.5)
    i18n (0.9.0)
      concurrent-ruby (~> 1.0)
    method_source (0.9.0)
    pry (0.11.2)
      coderay (~> 1.1.0)
      method_source (~> 0.9.0)
    pycall (1.0.3)

PLATFORMS
  ruby

DEPENDENCIES
  charyf (~> 0.1.0)
  charyf-adapt-processor (~> 0.1.0)
  pry

BUNDLED WITH
   1.15.4
